GEM
  remote: https://rubygems.org/
  specs:
    byebug (11.1.3)

PLATFORMS
  arm64-darwin-23
  x64-mingw-ucrt

DEPENDENCIES
  byebug

BUNDLED WITH
   2.5.23
